GEM
  remote: https://rubygems.org/
  specs:
    childprocess (4.1.0)
    date (3.2.2)
    json (2.6.1)
    nokogiri (1.12.5-x86_64-darwin)
      racc (~> 1.4)
    open-uri (0.2.0)
      stringio
      time
      uri
    racc (1.6.0)
    rexml (3.2.5)
    rubyzip (2.3.2)
    selenium-webdriver (4.1.0)
      childprocess (>= 0.5, < 5.0)
      rexml (~> 3.2, >= 3.2.5)
      rubyzip (>= 1.2.2)
    stringio (3.0.1)
    time (0.2.0)
      date
    uri (0.11.0)

PLATFORMS
  x86_64-darwin-20

DEPENDENCIES
  json
  nokogiri
  open-uri
  selenium-webdriver

BUNDLED WITH
   2.2.29
