GEM
  remote: https://rubygems.org/
  specs:
    date (3.2.2)
    google_search_results (2.1.0)
    json (2.6.1)
    nokogiri (1.12.5-x86_64-darwin)
      racc (~> 1.4)
    open-uri (0.2.0)
      stringio
      time
      uri
    racc (1.6.0)
    stringio (3.0.1)
    time (0.2.0)
      date
    uri (0.11.0)

PLATFORMS
  x86_64-darwin-20

DEPENDENCIES
  google_search_results
  json
  nokogiri
  open-uri

BUNDLED WITH
   2.2.29
