GEM
  remote: https://rubygems.org/
  specs:
    google_search_results (2.1.0)

PLATFORMS
  x64-mingw32
  x86_64-darwin-20

DEPENDENCIES
  google_search_results

BUNDLED WITH
   2.3.6
